GEM
  remote: http://rubygems.org/
  specs:
    activesupport (3.0.9)
    erubis (2.7.0)
    i18n (0.5.0)
    rack (1.3.2)
    sinatra (1.2.6)
      rack (~> 1.1)
      tilt (>= 1.2.2, < 2.0)
    tilt (1.3.2)

PLATFORMS
  ruby

DEPENDENCIES
  activesupport
  erubis
  i18n
  rack
  sinatra
